GEM
  remote: http://rubygems.org/
  specs:
    bootstrap-sass (2.3.1.0)
      sass (~> 3.2)
    chunky_png (1.2.7)
    compass (0.12.2)
      chunky_png (~> 1.2)
      fssm (>= 0.2.7)
      sass (~> 3.1)
    fssm (0.2.10)
    sass (3.2.7)

PLATFORMS
  x86-mingw32

DEPENDENCIES
  bootstrap-sass (~> 2.3.0)
  compass (~> 0.12.1)
